GEM
  remote: https://rubygems.org/
  specs:
    exifr (1.3.9)

PLATFORMS
  x86_64-linux

DEPENDENCIES
  exifr

BUNDLED WITH
   2.2.27
