GEM
  remote: https://rubygems.org/
  specs:
    state_machine (1.2.0)

PLATFORMS
  x86_64-linux

DEPENDENCIES
  state_machine

BUNDLED WITH
   2.2.24
